PATH
  remote: .
  specs:
    bilibili_console (0.0.1)
      down (~> 5.0)
      nice_http (~> 1.8.9)
      rqrcode (~> 2.0)
      ruby-progressbar (~> 1.11.0)
      thor (~> 1.1.0)

GEM
  remote: https://gems.ruby-china.com/
  specs:
    addressable (2.8.0)
      public_suffix (>= 2.0.2, < 5.0)
    ast (2.4.2)
    chunky_png (1.4.0)
    diff-lcs (1.4.4)
    down (5.2.2)
      addressable (~> 2.5)
    nice_hash (1.17.2)
      string_pattern (~> 2.2, >= 2.2.2)
    nice_http (1.8.9)
      nice_hash (~> 1.17, >= 1.17)
    parallel (1.20.1)
    parser (3.0.1.1)
      ast (~> 2.4.1)
    public_suffix (4.0.6)
    rainbow (3.0.0)
    rake (13.0.3)
    regexp_parser (1.8.2)
    rexml (3.2.5)
    rqrcode (2.0.0)
      chunky_png (~> 1.0)
      rqrcode_core (~> 1.0)
    rqrcode_core (1.1.0)
    rspec (3.10.0)
      rspec-core (~> 3.10.0)
      rspec-expectations (~> 3.10.0)
      rspec-mocks (~> 3.10.0)
    rspec-core (3.10.1)
      rspec-support (~> 3.10.0)
    rspec-expectations (3.10.1)
      diff-lcs (>= 1.2.0, < 2.0)
      rspec-support (~> 3.10.0)
    rspec-mocks (3.10.2)
      diff-lcs (>= 1.2.0, < 2.0)
      rspec-support (~> 3.10.0)
    rspec-support (3.10.2)
    rubocop (1.20.0)
      parallel (~> 1.10)
      parser (>= 3.0.0.0)
      rainbow (>= 2.2.2, < 4.0)
      regexp_parser (>= 1.8, < 3.0)
      rexml
      rubocop-ast (>= 1.9.1, < 2.0)
      ruby-progressbar (~> 1.7)
      unicode-display_width (>= 1.4.0, < 3.0)
    rubocop-ast (1.11.0)
      parser (>= 3.0.1.1)
    ruby-progressbar (1.11.0)
    string_pattern (2.2.2)
      regexp_parser (~> 1.3, >= 1.3.0)
    thor (1.1.0)
    unicode-display_width (2.0.0)

PLATFORMS
  x64-mingw32

DEPENDENCIES
  bilibili_console!
  rake (~> 13.0)
  rspec (~> 3.0)
  rubocop (~> 1.7)

BUNDLED WITH
   2.2.24
