PATH
  remote: .
  specs:
    bilibili_console (0.0.3)
      nokogiri (~> 1.14.0)
      rqrcode (~> 2.0)
      rubyzip (~> 2.3.2)
      socksify (~> 1.7.1)
      sqlite3 (~> 1.6.0)
      thor (~> 1.1.0)

GEM
  remote: https://gems.ruby-china.com/
  specs:
    ast (2.4.2)
    chunky_png (1.4.0)
    diff-lcs (1.5.0)
    json (2.6.3)
    json (2.6.3-java)
    mini_portile2 (2.8.1)
    nokogiri (1.14.0)
      mini_portile2 (~> 2.8.0)
      racc (~> 1.4)
    nokogiri (1.14.0-java)
      racc (~> 1.4)
    nokogiri (1.14.0-x64-mingw-ucrt)
      racc (~> 1.4)
    nokogiri (1.14.0-x64-mingw32)
      racc (~> 1.4)
    nokogiri (1.14.0-x86_64-linux)
      racc (~> 1.4)
    parallel (1.22.1)
    parser (3.2.0.0)
      ast (~> 2.4.1)
    racc (1.6.2)
    racc (1.6.2-java)
    rainbow (3.1.1)
    rake (13.0.6)
    regexp_parser (2.6.2)
    rexml (3.2.5)
    rqrcode (2.1.2)
      chunky_png (~> 1.0)
      rqrcode_core (~> 1.0)
    rqrcode_core (1.2.0)
    rspec (3.12.0)
      rspec-core (~> 3.12.0)
      rspec-expectations (~> 3.12.0)
      rspec-mocks (~> 3.12.0)
    rspec-core (3.12.0)
      rspec-support (~> 3.12.0)
    rspec-expectations (3.12.2)
      diff-lcs (>= 1.2.0, < 2.0)
      rspec-support (~> 3.12.0)
    rspec-mocks (3.12.3)
      diff-lcs (>= 1.2.0, < 2.0)
      rspec-support (~> 3.12.0)
    rspec-support (3.12.0)
    rubocop (1.44.1)
      json (~> 2.3)
      parallel (~> 1.10)
      parser (>= 3.2.0.0)
      rainbow (>= 2.2.2, < 4.0)
      regexp_parser (>= 1.8, < 3.0)
      rexml (>= 3.2.5, < 4.0)
      rubocop-ast (>= 1.24.1, < 2.0)
      ruby-progressbar (~> 1.7)
      unicode-display_width (>= 2.4.0, < 3.0)
    rubocop-ast (1.24.1)
      parser (>= 3.1.1.0)
    ruby-progressbar (1.11.0)
    rubyzip (2.3.2)
    socksify (1.7.1)
    sqlite3 (1.6.0)
      mini_portile2 (~> 2.8.0)
    sqlite3 (1.6.0-x64-mingw-ucrt)
    sqlite3 (1.6.0-x64-mingw32)
    sqlite3 (1.6.0-x86_64-linux)
    thor (1.1.0)
    unicode-display_width (2.4.2)

PLATFORMS
  ruby
  universal-java-11
  x64-mingw-ucrt
  x64-mingw32
  x86_64-linux

DEPENDENCIES
  bilibili_console!
  rake (~> 13.0)
  rspec (~> 3.0)
  rubocop (~> 1.7)

BUNDLED WITH
   2.4.5
