GEM
  remote: https://gems.ruby-china.com/
  specs:
    chunky_png (1.4.0)
    rqrcode (2.0.0)
      chunky_png (~> 1.0)
      rqrcode_core (~> 1.0)
    rqrcode_core (1.0.0)

PLATFORMS
  x64-mingw32
  x86_64-linux

DEPENDENCIES
  rqrcode (~> 2.0)

BUNDLED WITH
   2.2.15
