PATH
  remote: .
  specs:
    bilibili_console (0.0.1)
      down (~> 5.0)
      nice_http
      rqrcode (~> 2.0)
      ruby-progressbar
      thor

GEM
  remote: https://gems.ruby-china.com/
  specs:
    addressable (2.8.0)
      public_suffix (>= 2.0.2, < 5.0)
    chunky_png (1.4.0)
    down (5.2.2)
      addressable (~> 2.5)
    nice_hash (1.17.2)
      string_pattern (~> 2.2, >= 2.2.2)
    nice_http (1.8.9)
      nice_hash (~> 1.17, >= 1.17)
    public_suffix (4.0.6)
    regexp_parser (1.8.2)
    rqrcode (2.0.0)
      chunky_png (~> 1.0)
      rqrcode_core (~> 1.0)
    rqrcode_core (1.1.0)
    ruby-progressbar (1.11.0)
    string_pattern (2.2.2)
      regexp_parser (~> 1.3, >= 1.3.0)
    thor (1.1.0)

PLATFORMS
  x64-mingw32

DEPENDENCIES
  bilibili_console!

BUNDLED WITH
   2.2.15
