GEM
  remote: https://gems.ruby-china.com/
  specs:
    chunky_png (1.4.0)
    domain_name (0.5.20190701)
      unf (>= 0.0.5, < 1.0.0)
    http-cookie (1.0.4)
      domain_name (~> 0.5)
    rqrcode (2.0.0)
      chunky_png (~> 1.0)
      rqrcode_core (~> 1.0)
    rqrcode_core (1.0.0)
    unf (0.1.4)
      unf_ext
    unf_ext (0.0.7.7)

PLATFORMS
  x64-mingw32
  x86_64-linux

DEPENDENCIES
  http-cookie
  rqrcode (~> 2.0)

BUNDLED WITH
   2.2.15
